GEM
  remote: https://rubygems.org/
  specs:
    crass (1.0.6)
    feedjira (3.1.1)
      loofah (>= 2.3.1)
      sax-machine (>= 1.0)
    httparty (0.18.0)
      mime-types (~> 3.0)
      multi_xml (>= 0.5.2)
    loofah (2.4.0)
      crass (~> 1.0.2)
      nokogiri (>= 1.5.9)
    mime-types (3.3.1)
      mime-types-data (~> 3.2015)
    mime-types-data (3.2019.1009)
    mini_portile2 (2.4.0)
    multi_xml (0.6.0)
    nokogiri (1.10.9)
      mini_portile2 (~> 2.4.0)
    nokogumbo (2.0.2)
      nokogiri (~> 1.8, >= 1.8.4)
    sanitize (5.2.1)
      crass (~> 1.0.2)
      nokogiri (>= 1.8.0)
      nokogumbo (~> 2.0)
    sax-machine (1.3.2)
    sequel (5.30.0)
    sqlite3 (1.4.2)

PLATFORMS
  ruby

DEPENDENCIES
  feedjira
  httparty
  sanitize
  sequel
  sqlite3

BUNDLED WITH
   1.17.2
