GEM
  remote: https://rubygems.org/
  specs:
    crass (1.0.4)
    feedjira (3.0.0)
      loofah (>= 2.2.1)
      sax-machine (>= 1.0)
    loofah (2.2.3)
      crass (~> 1.0.2)
      nokogiri (>= 1.5.9)
    mini_portile2 (2.4.0)
    nokogiri (1.10.4)
      mini_portile2 (~> 2.4.0)
    nokogumbo (2.0.1)
      nokogiri (~> 1.8, >= 1.8.4)
    sanitize (5.0.0)
      crass (~> 1.0.2)
      nokogiri (>= 1.8.0)
      nokogumbo (~> 2.0)
    sax-machine (1.3.2)
    sequel (5.23.0)
    sqlite3 (1.4.1)

PLATFORMS
  ruby

DEPENDENCIES
  feedjira
  sanitize
  sequel
  sqlite3

BUNDLED WITH
   1.17.2
