GEM
  remote: https://rubygems.org/
  specs:
    crass (1.0.6)
    feedjira (3.2.2)
      loofah (>= 2.3.1)
      sax-machine (>= 1.0)
    httparty (0.21.0)
      mini_mime (>= 1.0.0)
      multi_xml (>= 0.5.2)
    loofah (2.19.1)
      crass (~> 1.0.2)
      nokogiri (>= 1.5.9)
    mini_mime (1.1.2)
    multi_xml (0.6.0)
    nokogiri (1.14.3-x86_64-linux)
      racc (~> 1.4)
    racc (1.6.2)
    rake_text (0.0.1)
    sanitize (6.0.1)
      crass (~> 1.0.2)
      nokogiri (>= 1.12.0)
    sax-machine (1.3.2)
    sequel (5.66.0)
    sqlite3 (1.6.1-x86_64-linux)

PLATFORMS
  x86_64-linux

DEPENDENCIES
  feedjira
  httparty
  rake_text
  sanitize
  sequel
  sqlite3

BUNDLED WITH
   2.4.6
