GEM
  remote: https://rubygems.org/
  specs:
    crass (1.0.6)
    feedjira (3.1.1)
      loofah (>= 2.3.1)
      sax-machine (>= 1.0)
    httparty (0.21.0)
      mini_mime (>= 1.0.0)
      multi_xml (>= 0.5.2)
    loofah (2.19.1)
      crass (~> 1.0.2)
      nokogiri (>= 1.5.9)
    mini_mime (1.1.2)
    mini_portile2 (2.8.1)
    multi_xml (0.6.0)
    nokogiri (1.14.0)
      mini_portile2 (~> 2.8.0)
      racc (~> 1.4)
    racc (1.6.2)
    rake_text (0.0.1)
    sanitize (6.0.1)
      crass (~> 1.0.2)
      nokogiri (>= 1.12.0)
    sax-machine (1.3.2)
    sequel (5.33.0)
    sqlite3 (1.4.2)

PLATFORMS
  ruby

DEPENDENCIES
  feedjira
  httparty
  rake_text
  sanitize
  sequel
  sqlite3

BUNDLED WITH
   1.17.2
