GEM
  remote: https://rubygems.org/
  specs:
    crass (1.0.4)
    faraday (0.15.4)
      multipart-post (>= 1.2, < 3)
    faraday_middleware (0.13.1)
      faraday (>= 0.7.4, < 1.0)
    feedjira (2.2.0)
      faraday (>= 0.9)
      faraday_middleware (>= 0.9)
      loofah (>= 2.0)
      sax-machine (>= 1.0)
    loofah (2.2.3)
      crass (~> 1.0.2)
      nokogiri (>= 1.5.9)
    mini_portile2 (2.4.0)
    multipart-post (2.0.0)
    nokogiri (1.10.1)
      mini_portile2 (~> 2.4.0)
    nokogumbo (2.0.1)
      nokogiri (~> 1.8, >= 1.8.4)
    sanitize (5.0.0)
      crass (~> 1.0.2)
      nokogiri (>= 1.8.0)
      nokogumbo (~> 2.0)
    sax-machine (1.3.2)
    sequel (5.18.0)
    sqlite3 (1.4.0)

PLATFORMS
  ruby

DEPENDENCIES
  feedjira
  sanitize
  sequel
  sqlite3

BUNDLED WITH
   1.17.2
